GEM
  remote: http://rubygems.org/
  specs:
    POpen4 (0.1.4)
      Platform (>= 0.4.0)
      open4
    Platform (0.4.0)
    addressable (2.2.6)
    coderay (1.0.5)
    coffee-script (2.2.0)
      coffee-script-source
      execjs
    coffee-script-source (1.2.0)
    em-websocket (0.3.6)
      addressable (>= 2.1.1)
      eventmachine (>= 0.12.9)
    eventmachine (0.12.10)
    execjs (1.3.0)
      multi_json (~> 1.0)
    ffi (1.0.11)
    growl (1.0.3)
    guard (1.0.0)
      ffi (>= 0.5.0)
      thor (~> 0.14.6)
    guard-bundler (0.1.3)
      bundler (>= 1.0.0)
      guard (>= 0.2.2)
    guard-coffeescript (0.5.4)
      coffee-script (>= 2.2.0)
      guard (>= 0.8.3)
    guard-ego (0.0.1)
      guard (>= 0.2.1)
    guard-haml (0.3.2)
      guard (>= 0.4)
      haml (>= 3.0)
    guard-jammit (0.3.0)
      guard (>= 0.8.3)
      jammit
    guard-livereload (0.4.0)
      em-websocket (>= 0.2.0)
      guard (>= 0.10.0)
      multi_json (~> 1.0.3)
    guard-markdown (0.1.4)
      guard (>= 0.2.2)
      kramdown (~> 0.13.3)
    guard-pow (0.2.1)
      guard (>= 0.3.0)
    guard-sass (0.5.4)
      guard (>= 0.4.0)
      sass (>= 3.1)
    guard-toc (0.1.5)
      guard (>= 0.2.2)
      kramdown (~> 0.13.3)
    haml (3.1.4)
    jammit (0.6.5)
      yui-compressor (>= 0.9.3)
    kramdown (0.13.4)
    multi_json (1.0.4)
    open4 (1.3.0)
    powder (0.1.7)
      thor (>= 0.11.5)
    rack (1.4.1)
    rack-contrib (1.1.0)
      rack (>= 0.9.1)
    rack-livereload (0.3.4)
      rack
    rb-fsevent (0.9.0)
    sass (3.1.12)
    thor (0.14.6)
    yui-compressor (0.9.6)
      POpen4 (>= 0.1.4)

PLATFORMS
  ruby

DEPENDENCIES
  coderay
  growl
  guard-bundler
  guard-coffeescript
  guard-ego
  guard-haml
  guard-jammit
  guard-livereload
  guard-markdown
  guard-pow
  guard-sass
  guard-toc
  powder
  rack
  rack-contrib
  rack-livereload
  rb-fsevent
